GEM
  remote: https://rubygems.org/
  specs:
    puma (3.12.0)
    rack (2.0.5)

PLATFORMS
  ruby

DEPENDENCIES
  puma
  rack

RUBY VERSION
   ruby 2.4.4p296

BUNDLED WITH
   1.16.3
