GEM
  remote: https://rubygems.org/
  specs:
    puma (3.12.0)
    rack (2.0.8)

PLATFORMS
  ruby

DEPENDENCIES
  puma
  rack

RUBY VERSION
   ruby 2.6.3p62

BUNDLED WITH
   1.17.2
